GEM
  remote: http://rubygems.org/
  specs:
    chunky_png (1.2.6)
    compass (0.12.2)
      chunky_png (~> 1.2)
      fssm (>= 0.2.7)
      sass (~> 3.1)
    fssm (0.2.9)
    modular-scale (1.0.2)
      compass (>= 0.11.5)
      sassy-math (>= 1.2)
    sass (3.2.3)
    sassy-math (1.2)
      compass (~> 0.11)
    stitch (0.1.6)
      compass
      sass (~> 3.2.0.alpha)

PLATFORMS
  ruby

DEPENDENCIES
  compass
  modular-scale
  sass
  stitch
